GEM
  remote: https://rubygems.org/
  specs:
    activesupport (2.3.5)
    aws-s3 (0.6.3)
      builder
      mime-types
      xml-simple
    bson (1.10.2)
    bson_ext (1.10.2)
      bson (~> 1.10.2)
    builder (3.2.2)
    descriptive_statistics (1.1.5)
    durran-validatable (2.0.1)
    mime-types (2.3)
    mongo (1.10.2)
      bson (= 1.10.2)
    mongoid (1.2.14)
      activesupport (<= 2.3.5)
      durran-validatable (>= 2.0.1)
      mongo (>= 0.19.1)
      will_paginate (< 2.9)
    pdf-core (0.2.5)
    prawn (1.1.0)
      pdf-core (~> 0.2.5)
      ttfunk (~> 1.2.0)
    prawn-svg (0.15.0.0)
      prawn (>= 0.8.4)
    trollop (2.0)
    ttfunk (1.2.0)
    will_paginate (2.3.16)
    xml-simple (1.1.4)

PLATFORMS
  ruby

DEPENDENCIES
  aws-s3
  bson_ext
  descriptive_statistics
  mongoid
  prawn (~> 1.1.0)
  prawn-svg
  trollop
